PATH
  remote: /Users/tcrayford/proj/yeller/yeller_ruby
  specs:
    yeller_ruby (0.1.0)
      yajl-ruby (~> 1.2.0)

GEM
  remote: https://rubygems.org/
  specs:
    actionmailer (2.3.18)
      actionpack (= 2.3.18)
    actionpack (2.3.18)
      activesupport (= 2.3.18)
      rack (~> 1.1.0)
    activerecord (2.3.18)
      activesupport (= 2.3.18)
    activeresource (2.3.18)
      activesupport (= 2.3.18)
    activesupport (2.3.18)
    rack (1.1.6)
    rails (2.3.18)
      actionmailer (= 2.3.18)
      actionpack (= 2.3.18)
      activerecord (= 2.3.18)
      activeresource (= 2.3.18)
      activesupport (= 2.3.18)
      rake (>= 0.8.3)
    rake (10.3.2)
    sqlite3 (1.3.9)
    yajl-ruby (1.2.1)

PLATFORMS
  ruby

DEPENDENCIES
  rails (= 2.3.18)
  sqlite3
  yeller_ruby!
